REDIRECTS: ON
NUGET
  remote: https://www.nuget.org/api/v2
    Autofac (4.1.1)
      NETStandard.Library (>= 1.6) - framework: >= netstandard11
      System.ComponentModel (>= 4.0.1) - framework: >= netstandard11
    Autofac.Owin (4.0)
      Autofac (>= 3.5 < 5.0)
      Microsoft.Owin (>= 3.0 < 4.0)
    Autofac.SignalR (3.0.2)
      Autofac (>= 3.1.3-CI-027)
    AutoMapper (5.1.1)
      Microsoft.CSharp (>= 4.0.1) - framework: netstandard11, >= netstandard13
      NETStandard.Library (>= 1.6) - framework: netstandard11, >= netstandard13
      System.Collections.Specialized (>= 4.0.1) - framework: >= netstandard13
      System.ComponentModel.TypeConverter (>= 4.1) - framework: netstandard11, >= netstandard13
      System.Dynamic.Runtime (>= 4.0.11) - framework: netstandard11, >= netstandard13
      System.Linq.Queryable (>= 4.0.1) - framework: netstandard11, >= netstandard13
    EnterpriseLibrary.TransientFaultHandling (6.0.1304)
    FAKE (4.41.1)
    FAKE.Core.x64 (4.41.1)
    FAKE.SQL.x64 (4.41.1)
      FAKE.Core.x64 (4.41.1)
    FluentValidation (6.2.1)
    FSharp.Data (2.3.2)
      Zlib.Portable (>= 1.11) - framework: >= netstandard11, portable-net45+sl5+win8, portable-net45+win8, portable-net45+win8+wp8+wpa81
    JWT (1.3.4)
    MediatR (2.1)
      NETStandard.Library (>= 1.6) - framework: >= netstandard11
    Microsoft.AspNet.Cors (5.2.3)
    Microsoft.AspNet.SignalR.Core (2.2.1)
      Microsoft.Owin (>= 2.1)
      Microsoft.Owin.Security (>= 2.1)
      Newtonsoft.Json (>= 6.0.4)
      Owin (>= 1.0)
    Microsoft.AspNet.SignalR.SelfHost (2.2.1)
      Microsoft.AspNet.SignalR.Core (>= 2.2.1)
      Microsoft.Owin.SelfHost (>= 2.1)
    Microsoft.Azure.SqlDatabase.ElasticScale.Client (1.3.3)
    Microsoft.CodeAnalysis.Analyzers (1.1) - framework: >= net45, >= netstandard11, portable-net45+win8
    Microsoft.CodeAnalysis.Common (1.3.2)
      Microsoft.CodeAnalysis.Analyzers (>= 1.1) - framework: >= net45, >= netstandard11, portable-net45+win8
      System.AppContext (>= 4.1) - framework: >= net46, >= netstandard13
      System.Collections (>= 4.0.11) - framework: >= net46, >= netstandard13
      System.Collections.Concurrent (>= 4.0.12) - framework: >= net46, >= netstandard13
      System.Collections.Immutable (>= 1.1.37) - framework: >= net45, >= netstandard11, portable-net45+win8
      System.Collections.Immutable (>= 1.2) - framework: >= net46, >= netstandard13
      System.Console (>= 4.0) - framework: >= net46, >= netstandard13
      System.Diagnostics.Debug (>= 4.0.11) - framework: >= net46, >= netstandard13
      System.Diagnostics.FileVersionInfo (>= 4.0) - framework: >= net46, >= netstandard13
      System.Diagnostics.StackTrace (>= 4.0.1) - framework: >= net46, >= netstandard13
      System.Diagnostics.Tools (>= 4.0.1) - framework: >= net46, >= netstandard13
      System.Dynamic.Runtime (>= 4.0.11) - framework: >= net46, >= netstandard13
      System.Globalization (>= 4.0.11) - framework: >= net46, >= netstandard13
      System.IO.FileSystem (>= 4.0.1) - framework: >= net46, >= netstandard13
      System.IO.FileSystem.Primitives (>= 4.0.1) - framework: >= net46, >= netstandard13
      System.Linq (>= 4.1) - framework: >= net46, >= netstandard13
      System.Linq.Expressions (>= 4.1) - framework: >= net46, >= netstandard13
      System.Reflection (>= 4.1) - framework: >= net46, >= netstandard13
      System.Reflection.Metadata (>= 1.2) - framework: >= net45, >= netstandard11, portable-net45+win8
      System.Reflection.Metadata (>= 1.3) - framework: >= net46, >= netstandard13
      System.Reflection.Primitives (>= 4.0.1) - framework: >= net46, >= netstandard13
      System.Resources.ResourceManager (>= 4.0.1) - framework: >= net46, >= netstandard13
      System.Runtime (>= 4.1) - framework: >= net46, >= netstandard13
      System.Runtime.Extensions (>= 4.1) - framework: >= net46, >= netstandard13
      System.Runtime.Handles (>= 4.0.1) - framework: >= net46, >= netstandard13
      System.Runtime.InteropServices (>= 4.1) - framework: >= net46, >= netstandard13
      System.Runtime.Numerics (>= 4.0.1) - framework: >= net46, >= netstandard13
      System.Security.Cryptography.Algorithms (>= 4.2) - framework: >= net46, >= netstandard13
      System.Security.Cryptography.Encoding (>= 4.0) - framework: >= net46, >= netstandard13
      System.Security.Cryptography.X509Certificates (>= 4.1) - framework: >= net46, >= netstandard13
      System.Text.Encoding (>= 4.0.11) - framework: >= net46, >= netstandard13
      System.Text.Encoding.CodePages (>= 4.0.1) - framework: >= net46, >= netstandard13
      System.Text.Encoding.Extensions (>= 4.0.11) - framework: >= net46, >= netstandard13
      System.Threading (>= 4.0.11) - framework: >= net46, >= netstandard13
      System.Threading.Tasks (>= 4.0.11) - framework: >= net46, >= netstandard13
      System.Threading.Tasks.Parallel (>= 4.0.1) - framework: >= net46, >= netstandard13
      System.Threading.Thread (>= 4.0) - framework: >= net46, >= netstandard13
      System.Xml.ReaderWriter (>= 4.0.11) - framework: >= net46, >= netstandard13
      System.Xml.XDocument (>= 4.0.11) - framework: >= net46, >= netstandard13
      System.Xml.XmlDocument (>= 4.0.1) - framework: >= net46, >= netstandard13
      System.Xml.XPath.XDocument (>= 4.0.1) - framework: >= net46, >= netstandard13
    Microsoft.CodeAnalysis.CSharp (1.3.2)
      Microsoft.CodeAnalysis.Common (1.3.2)
    Microsoft.CSharp (4.0.1) - framework: >= netstandard10
      System.Collections (>= 4.0.11) - framework: dnxcore50, >= netstandard13
      System.Diagnostics.Debug (>= 4.0.11) - framework: dnxcore50, >= netstandard13
      System.Dynamic.Runtime (>= 4.0.11) - framework: dnxcore50, netstandard10, >= netstandard13
      System.Globalization (>= 4.0.11) - framework: dnxcore50, >= netstandard13
      System.Linq (>= 4.1) - framework: dnxcore50, >= netstandard13
      System.Linq.Expressions (>= 4.1) - framework: dnxcore50, netstandard10, >= netstandard13
      System.ObjectModel (>= 4.0.12) - framework: dnxcore50, >= netstandard13
      System.Reflection (>= 4.1) - framework: dnxcore50, >= netstandard13
      System.Reflection.Extensions (>= 4.0.1) - framework: dnxcore50, >= netstandard13
      System.Reflection.Primitives (>= 4.0.1) - framework: dnxcore50, >= netstandard13
      System.Reflection.TypeExtensions (>= 4.1) - framework: dnxcore50, >= netstandard13
      System.Resources.ResourceManager (>= 4.0.1) - framework: dnxcore50, >= netstandard13
      System.Runtime (>= 4.1) - framework: dnxcore50, netstandard10, >= netstandard13
      System.Runtime.Extensions (>= 4.1) - framework: dnxcore50, >= netstandard13
      System.Runtime.InteropServices (>= 4.1) - framework: dnxcore50, >= netstandard13
      System.Threading (>= 4.0.11) - framework: dnxcore50, >= netstandard13
    Microsoft.Extensions.DependencyInjection (1.0.0-rc1-final)
      Microsoft.Extensions.DependencyInjection.Abstractions (>= 1.0.0-rc1-final) - framework: >= net451, dnxcore50
      System.Collections (>= 4.0.10) - framework: dnxcore50
      System.Collections (>= 4.0.11-beta-23516) - framework: dnxcore50
      System.Collections.Concurrent (>= 4.0.10) - framework: dnxcore50
      System.Collections.Concurrent (>= 4.0.11-beta-23516) - framework: dnxcore50
      System.ComponentModel (>= 4.0) - framework: dnxcore50
      System.Diagnostics.Debug (>= 4.0.10) - framework: dnxcore50
      System.Globalization (>= 4.0.10) - framework: dnxcore50
      System.Linq (>= 4.0) - framework: dnxcore50
      System.Linq.Expressions (>= 4.0.10) - framework: dnxcore50
      System.Reflection (>= 4.0.10) - framework: dnxcore50
      System.Resources.ResourceManager (>= 4.0) - framework: dnxcore50
      System.Runtime (>= 4.0.20) - framework: dnxcore50
      System.Runtime.Extensions (>= 4.0.10) - framework: dnxcore50
      System.Threading (>= 4.0.10) - framework: dnxcore50
      System.Threading (>= 4.0.11-beta-23516) - framework: dnxcore50
      System.Threading.Tasks (>= 4.0.10) - framework: dnxcore50
      System.Threading.Tasks (>= 4.0.11-beta-23516) - framework: dnxcore50
    Microsoft.Extensions.DependencyInjection.Abstractions (1.0.0-rc1-final)
      System.ComponentModel (>= 4.0) - framework: dnxcore50
      System.ComponentModel (>= 4.0.1-beta-23516) - framework: dnxcore50
      System.Diagnostics.Debug (>= 4.0.10) - framework: dnxcore50
      System.Diagnostics.Debug (>= 4.0.11-beta-23516) - framework: dnxcore50
      System.Globalization (>= 4.0.10) - framework: dnxcore50
      System.Globalization (>= 4.0.11-beta-23516) - framework: dnxcore50
      System.Linq (>= 4.0) - framework: dnxcore50
      System.Linq (>= 4.0.1-beta-23516) - framework: dnxcore50
      System.Linq.Expressions (>= 4.0.10) - framework: dnxcore50
      System.Linq.Expressions (>= 4.0.11-beta-23516) - framework: dnxcore50
      System.Reflection (>= 4.0.10) - framework: dnxcore50
      System.Reflection (>= 4.1.0-beta-23225) - framework: dnxcore50
      System.Resources.ResourceManager (>= 4.0) - framework: dnxcore50
      System.Resources.ResourceManager (>= 4.0.1-beta-23516) - framework: dnxcore50
      System.Runtime (>= 4.0.20) - framework: dnxcore50
    Microsoft.NETCore.Platforms (1.0.1) - framework: dnxcore50, >= netstandard10
    Microsoft.NETCore.Targets (1.0.1) - framework: dnxcore50, >= netstandard10
    Microsoft.Orleans.Client (1.2.4)
      Microsoft.Orleans.Core (>= 1.2.4)
      Microsoft.Orleans.OrleansCodeGenerator (>= 1.2.4)
      Microsoft.Orleans.OrleansProviders (>= 1.2.4)
    Microsoft.Orleans.Core (1.2.4)
      Newtonsoft.Json (>= 7.0.1)
    Microsoft.Orleans.OrleansCodeGenerator (1.2.4)
      Microsoft.CodeAnalysis.CSharp (>= 1.0)
      Microsoft.Orleans.Core (>= 1.2.4)
    Microsoft.Orleans.OrleansCodeGenerator.Build (1.2.4)
      Microsoft.Orleans.Core (>= 1.2.4)
    Microsoft.Orleans.OrleansProviders (1.2.4)
      Microsoft.Orleans.Core (>= 1.2.4)
    Microsoft.Orleans.OrleansRuntime (1.2.4)
      Microsoft.Orleans.Core (>= 1.2.4)
    Microsoft.Orleans.OrleansSqlUtils (1.2.4)
      EnterpriseLibrary.TransientFaultHandling (>= 6.0.1304)
      Microsoft.Azure.SqlDatabase.ElasticScale.Client (>= 1.1)
      Microsoft.Orleans.Core (>= 1.2.4)
      Microsoft.Tpl.Dataflow (>= 4.5.24)
    Microsoft.Owin (3.0.1)
      Owin (>= 1.0)
    Microsoft.Owin.Cors (3.0.1)
      Microsoft.AspNet.Cors (>= 5.0)
      Microsoft.Owin (>= 3.0.1)
      Owin (>= 1.0)
    Microsoft.Owin.Diagnostics (3.0.1)
      Microsoft.Owin (>= 3.0.1)
      Owin (>= 1.0)
    Microsoft.Owin.Host.HttpListener (3.0.1)
    Microsoft.Owin.Hosting (3.0.1)
      Microsoft.Owin (>= 3.0.1)
      Owin (>= 1.0)
    Microsoft.Owin.Security (3.0.1)
      Microsoft.Owin (>= 3.0.1)
      Owin (>= 1.0)
    Microsoft.Owin.SelfHost (3.0.1)
      Microsoft.Owin (>= 3.0.1)
      Microsoft.Owin.Diagnostics (>= 3.0.1)
      Microsoft.Owin.Host.HttpListener (>= 3.0.1)
      Microsoft.Owin.Hosting (>= 3.0.1)
      Owin (>= 1.0)
    Microsoft.Tpl.Dataflow (4.5.24)
    Microsoft.Win32.Primitives (4.0.1) - framework: >= netstandard13
      Microsoft.NETCore.Platforms (>= 1.0.1) - framework: >= netstandard13
      Microsoft.NETCore.Targets (>= 1.0.1) - framework: >= netstandard13
      System.Runtime (>= 4.1) - framework: >= netstandard13
    Microsoft.Win32.Registry (4.0) - framework: >= netstandard15
      Microsoft.NETCore.Platforms (>= 1.0.1) - framework: >= netstandard13
      System.Collections (>= 4.0.11) - framework: >= netstandard13
      System.Globalization (>= 4.0.11) - framework: >= netstandard13
      System.Resources.ResourceManager (>= 4.0.1) - framework: >= netstandard13
      System.Runtime (>= 4.1) - framework: >= netstandard13
      System.Runtime.Extensions (>= 4.1) - framework: >= netstandard13
      System.Runtime.Handles (>= 4.0.1) - framework: >= netstandard13
      System.Runtime.InteropServices (>= 4.1) - framework: >= netstandard13
    MongoDB.Bson (2.3) - framework: >= net45, >= netstandard15
      NETStandard.Library (>= 1.6) - framework: >= netstandard15
      System.Collections.NonGeneric (>= 4.0.1) - framework: >= netstandard15
      System.Diagnostics.Process (>= 4.1) - framework: >= netstandard15
      System.Dynamic.Runtime (>= 4.0.11) - framework: >= netstandard15
      System.Reflection.Emit.Lightweight (>= 4.0.1) - framework: >= netstandard15
    MongoDB.Driver (2.3)
      MongoDB.Bson (>= 2.3) - framework: >= net45, >= netstandard15
      MongoDB.Driver.Core (>= 2.3) - framework: >= net45, >= netstandard15
      NETStandard.Library (>= 1.6) - framework: >= netstandard15
      System.Linq.Queryable (>= 4.0.1) - framework: >= netstandard15
    MongoDB.Driver.Core (2.3) - framework: >= net45, >= netstandard15
      MongoDB.Bson (>= 2.3) - framework: >= net45, >= netstandard15
      NETStandard.Library (>= 1.6) - framework: >= netstandard15
      System.Collections.Specialized (>= 4.0.1) - framework: >= netstandard15
      System.Diagnostics.TraceSource (>= 4.0) - framework: >= netstandard15
      System.Net.NameResolution (>= 4.0) - framework: >= netstandard15
      System.Net.Security (>= 4.0) - framework: >= netstandard15
      System.Security.SecureString (>= 4.0) - framework: >= netstandard15
    NETStandard.Library (1.6) - framework: >= netstandard11
      Microsoft.NETCore.Platforms (>= 1.0.1) - framework: >= netstandard10
      Microsoft.Win32.Primitives (>= 4.0.1) - framework: >= net46, >= netstandard13
      System.AppContext (>= 4.1) - framework: >= net46, >= netstandard13
      System.Collections (>= 4.0.11) - framework: >= netstandard10
      System.Collections.Concurrent (>= 4.0.12) - framework: >= net45, >= netstandard11
      System.Console (>= 4.0) - framework: >= net46, >= netstandard13
      System.Diagnostics.Debug (>= 4.0.11) - framework: >= netstandard10
      System.Diagnostics.Tools (>= 4.0.1) - framework: >= netstandard10
      System.Diagnostics.Tracing (>= 4.1) - framework: >= net45, >= netstandard11
      System.Globalization (>= 4.0.11) - framework: >= netstandard10
      System.Globalization.Calendars (>= 4.0.1) - framework: >= net46, >= netstandard13
      System.IO (>= 4.1) - framework: >= netstandard10
      System.IO.Compression (>= 4.1) - framework: >= net45, >= netstandard11
      System.IO.Compression.ZipFile (>= 4.0.1) - framework: >= net46, >= netstandard13
      System.IO.FileSystem (>= 4.0.1) - framework: >= net46, >= netstandard13
      System.IO.FileSystem.Primitives (>= 4.0.1) - framework: >= net46, >= netstandard13
      System.Linq (>= 4.1) - framework: >= netstandard10
      System.Linq.Expressions (>= 4.1) - framework: >= netstandard10
      System.Net.Http (>= 4.1) - framework: >= net45, >= netstandard11
      System.Net.Primitives (>= 4.0.11) - framework: >= netstandard10
      System.Net.Sockets (>= 4.1) - framework: >= net46, >= netstandard13
      System.ObjectModel (>= 4.0.12) - framework: >= netstandard10
      System.Reflection (>= 4.1) - framework: >= netstandard10
      System.Reflection.Extensions (>= 4.0.1) - framework: >= netstandard10
      System.Reflection.Primitives (>= 4.0.1) - framework: >= netstandard10
      System.Resources.ResourceManager (>= 4.0.1) - framework: >= netstandard10
      System.Runtime (>= 4.1) - framework: >= netstandard10
      System.Runtime.Extensions (>= 4.1) - framework: >= netstandard10
      System.Runtime.Handles (>= 4.0.1) - framework: >= net46, >= netstandard13
      System.Runtime.InteropServices (>= 4.1) - framework: >= net45, >= netstandard11
      System.Runtime.InteropServices.RuntimeInformation (>= 4.0) - framework: >= net45, >= netstandard11
      System.Runtime.Numerics (>= 4.0.1) - framework: >= net45, >= netstandard11
      System.Security.Cryptography.Algorithms (>= 4.2) - framework: >= net46, >= netstandard13
      System.Security.Cryptography.Encoding (>= 4.0) - framework: >= net46, >= netstandard13
      System.Security.Cryptography.Primitives (>= 4.0) - framework: >= net46, >= netstandard13
      System.Security.Cryptography.X509Certificates (>= 4.1) - framework: >= net46, >= netstandard13
      System.Text.Encoding (>= 4.0.11) - framework: >= netstandard10
      System.Text.Encoding.Extensions (>= 4.0.11) - framework: >= netstandard10
      System.Text.RegularExpressions (>= 4.1) - framework: >= netstandard10
      System.Threading (>= 4.0.11) - framework: >= netstandard10
      System.Threading.Tasks (>= 4.0.11) - framework: >= netstandard10
      System.Threading.Timer (>= 4.0.1) - framework: >= net451, >= netstandard12
      System.Xml.ReaderWriter (>= 4.0.11) - framework: >= netstandard10
      System.Xml.XDocument (>= 4.0.11) - framework: >= netstandard10
    Newtonsoft.Json (9.0.1)
      Microsoft.CSharp (>= 4.0.1) - framework: >= netstandard10
      System.Collections (>= 4.0.11) - framework: >= netstandard10
      System.Diagnostics.Debug (>= 4.0.11) - framework: >= netstandard10
      System.Dynamic.Runtime (>= 4.0.11) - framework: >= netstandard10
      System.Globalization (>= 4.0.11) - framework: >= netstandard10
      System.IO (>= 4.1) - framework: >= netstandard10
      System.Linq (>= 4.1) - framework: >= netstandard10
      System.Linq.Expressions (>= 4.1) - framework: >= netstandard10
      System.ObjectModel (>= 4.0.12) - framework: >= netstandard10
      System.Reflection (>= 4.1) - framework: >= netstandard10
      System.Reflection.Extensions (>= 4.0.1) - framework: >= netstandard10
      System.Resources.ResourceManager (>= 4.0.1) - framework: >= netstandard10
      System.Runtime (>= 4.1) - framework: >= netstandard10
      System.Runtime.Extensions (>= 4.1) - framework: >= netstandard10
      System.Runtime.Serialization.Primitives (>= 4.1.1) - framework: >= netstandard10
      System.Text.Encoding (>= 4.0.11) - framework: >= netstandard10
      System.Text.Encoding.Extensions (>= 4.0.11) - framework: >= netstandard10
      System.Text.RegularExpressions (>= 4.1) - framework: >= netstandard10
      System.Threading (>= 4.0.11) - framework: >= netstandard10
      System.Threading.Tasks (>= 4.0.11) - framework: >= netstandard10
      System.Xml.ReaderWriter (>= 4.0.11) - framework: >= netstandard10
      System.Xml.XDocument (>= 4.0.11) - framework: >= netstandard10
    Owin (1.0)
    Polly (4.3)
      System.Collections (>= 4.0) - framework: dnxcore50
      System.Diagnostics.Debug (>= 4.0) - framework: dnxcore50
      System.Linq (>= 4.0) - framework: dnxcore50
      System.Reflection (>= 4.0) - framework: dnxcore50
      System.Runtime (>= 4.0) - framework: dnxcore50
      System.Threading (>= 4.0) - framework: dnxcore50
      System.Threading.Tasks (>= 4.0) - framework: dnxcore50
    runtime.native.System (4.0) - framework: >= netstandard11
      Microsoft.NETCore.Platforms (>= 1.0.1)
      Microsoft.NETCore.Targets (>= 1.0.1)
    runtime.native.System.IO.Compression (4.1) - framework: >= netstandard13
      Microsoft.NETCore.Platforms (>= 1.0.1)
      Microsoft.NETCore.Targets (>= 1.0.1)
    runtime.native.System.Net.Http (4.0.1) - framework: >= netstandard16
      Microsoft.NETCore.Platforms (>= 1.0.1)
      Microsoft.NETCore.Targets (>= 1.0.1)
    runtime.native.System.Net.Security (4.0.1) - framework: >= netstandard16
      Microsoft.NETCore.Platforms (>= 1.0.1)
      Microsoft.NETCore.Targets (>= 1.0.1)
    runtime.native.System.Security.Cryptography (4.0) - framework: >= netstandard13
      Microsoft.NETCore.Platforms (>= 1.0.1)
      Microsoft.NETCore.Targets (>= 1.0.1)
    Serilog (2.3) - framework: >= net45, >= netstandard13
      Microsoft.CSharp (>= 4.0.1) - framework: netstandard10, >= netstandard13
      System.Collections (>= 4.0.11) - framework: netstandard10, >= netstandard13
      System.Dynamic.Runtime (>= 4.0.11) - framework: netstandard10, >= netstandard13
      System.Globalization (>= 4.0.11) - framework: netstandard10, >= netstandard13
      System.Linq (>= 4.1) - framework: netstandard10, >= netstandard13
      System.Reflection (>= 4.1) - framework: netstandard10, >= netstandard13
      System.Reflection.Extensions (>= 4.0.1) - framework: netstandard10, >= netstandard13
      System.Runtime (>= 4.1) - framework: netstandard10, >= netstandard13
      System.Runtime.Extensions (>= 4.1) - framework: netstandard10, >= netstandard13
      System.Text.RegularExpressions (>= 4.1) - framework: netstandard10, >= netstandard13
      System.Threading (>= 4.0.11) - framework: netstandard10, >= netstandard13
    Serilog.Sinks.ColoredConsole (2.0)
      Serilog (>= 2.0) - framework: >= net45, >= netstandard13
      System.Console (>= 4.0) - framework: >= netstandard13
    System.AppContext (4.1) - framework: >= net46, >= netstandard13
      System.Runtime (>= 4.1) - framework: dnxcore50, netstandard13, >= netstandard16
    System.Buffers (4.0) - framework: >= netstandard13
      System.Diagnostics.Debug (>= 4.0.11) - framework: >= netstandard11
      System.Diagnostics.Tracing (>= 4.1) - framework: >= netstandard11
      System.Resources.ResourceManager (>= 4.0.1) - framework: >= netstandard11
      System.Runtime (>= 4.1) - framework: >= netstandard11
      System.Threading (>= 4.0.11) - framework: >= netstandard11
    System.Collections (4.0.11) - framework: >= net46, dnxcore50, >= netstandard10, >= netstandard13
      Microsoft.NETCore.Platforms (>= 1.0.1) - framework: dnxcore50, netstandard10, >= netstandard13
      Microsoft.NETCore.Targets (>= 1.0.1) - framework: dnxcore50, netstandard10, >= netstandard13
      System.Runtime (>= 4.1) - framework: dnxcore50, netstandard10, >= netstandard13
    System.Collections.Concurrent (4.0.12) - framework: >= net46, dnxcore50, >= netstandard11, >= netstandard13
      System.Collections (>= 4.0.11) - framework: dnxcore50, >= netstandard13
      System.Diagnostics.Debug (>= 4.0.11) - framework: dnxcore50, >= netstandard13
      System.Diagnostics.Tracing (>= 4.1) - framework: dnxcore50, >= netstandard13
      System.Globalization (>= 4.0.11) - framework: dnxcore50, >= netstandard13
      System.Reflection (>= 4.1) - framework: >= netstandard13
      System.Resources.ResourceManager (>= 4.0.1) - framework: dnxcore50, >= netstandard13
      System.Runtime (>= 4.1) - framework: dnxcore50, netstandard11, >= netstandard13
      System.Runtime.Extensions (>= 4.1) - framework: dnxcore50, >= netstandard13
      System.Threading (>= 4.0.11) - framework: dnxcore50, >= netstandard13
      System.Threading.Tasks (>= 4.0.11) - framework: dnxcore50, netstandard11, >= netstandard13
    System.Collections.Immutable (1.2) - framework: >= net45, >= netstandard11, >= netstandard13, portable-net45+win8
      System.Collections (>= 4.0.11) - framework: >= netstandard10
      System.Diagnostics.Debug (>= 4.0.11) - framework: >= netstandard10
      System.Globalization (>= 4.0.11) - framework: >= netstandard10
      System.Linq (>= 4.1) - framework: >= netstandard10
      System.Resources.ResourceManager (>= 4.0.1) - framework: >= netstandard10
      System.Runtime (>= 4.1) - framework: >= netstandard10
      System.Runtime.Extensions (>= 4.1) - framework: >= netstandard10
      System.Threading (>= 4.0.11) - framework: >= netstandard10
    System.Collections.NonGeneric (4.0.1) - framework: >= netstandard13
      System.Diagnostics.Debug (>= 4.0.11) - framework: >= netstandard13
      System.Globalization (>= 4.0.11) - framework: >= netstandard13
      System.Resources.ResourceManager (>= 4.0.1) - framework: >= netstandard13
      System.Runtime (>= 4.1) - framework: >= netstandard13
      System.Runtime.Extensions (>= 4.1) - framework: >= netstandard13
      System.Threading (>= 4.0.11) - framework: >= netstandard13
    System.Collections.Specialized (4.0.1) - framework: >= netstandard13
      System.Collections.NonGeneric (>= 4.0.1) - framework: >= netstandard13
      System.Globalization (>= 4.0.11) - framework: >= netstandard13
      System.Globalization.Extensions (>= 4.0.1) - framework: >= netstandard13
      System.Resources.ResourceManager (>= 4.0.1) - framework: >= netstandard13
      System.Runtime (>= 4.1) - framework: >= netstandard13
      System.Runtime.Extensions (>= 4.1) - framework: >= netstandard13
      System.Threading (>= 4.0.11) - framework: >= netstandard13
    System.ComponentModel (4.0.1) - framework: dnxcore50, >= netstandard10
      System.Runtime (>= 4.1) - framework: dnxcore50, netstandard10, >= netstandard13
    System.ComponentModel.Primitives (4.1) - framework: >= netstandard15
      System.ComponentModel (>= 4.0.1) - framework: >= netstandard10
      System.Resources.ResourceManager (>= 4.0.1) - framework: >= netstandard10
      System.Runtime (>= 4.1) - framework: >= netstandard10
    System.ComponentModel.TypeConverter (4.1) - framework: netstandard11, >= netstandard13
      System.Collections (>= 4.0.11) - framework: netstandard10, >= netstandard15
      System.Collections.NonGeneric (>= 4.0.1) - framework: >= net462, >= netstandard15
      System.Collections.Specialized (>= 4.0.1) - framework: >= netstandard15
      System.ComponentModel (>= 4.0.1) - framework: netstandard10, >= netstandard15
      System.ComponentModel.Primitives (>= 4.1) - framework: net45, >= net462, netstandard10, >= netstandard15, winv4.5, wpv8.0, wpav8.1
      System.Globalization (>= 4.0.11) - framework: netstandard10, >= netstandard15
      System.Linq (>= 4.1) - framework: >= netstandard15
      System.Reflection (>= 4.1) - framework: netstandard10, >= netstandard15
      System.Reflection.Extensions (>= 4.0.1) - framework: netstandard10, >= netstandard15
      System.Reflection.Primitives (>= 4.0.1) - framework: netstandard10, >= netstandard15
      System.Reflection.TypeExtensions (>= 4.1) - framework: >= netstandard15
      System.Resources.ResourceManager (>= 4.0.1) - framework: netstandard10, >= netstandard15
      System.Runtime (>= 4.1) - framework: netstandard10, >= netstandard15
      System.Runtime.Extensions (>= 4.1) - framework: netstandard10, >= netstandard15
      System.Threading (>= 4.0.11) - framework: netstandard10, >= netstandard15
    System.Console (4.0) - framework: >= net46, >= netstandard13
      Microsoft.NETCore.Platforms (>= 1.0.1) - framework: >= netstandard13
      Microsoft.NETCore.Targets (>= 1.0.1) - framework: >= netstandard13
      System.IO (>= 4.1) - framework: >= netstandard13
      System.Runtime (>= 4.1) - framework: >= netstandard13
      System.Text.Encoding (>= 4.0.11) - framework: >= netstandard13
    System.Diagnostics.Contracts (4.0.1) - framework: dnxcore50
      System.Runtime (>= 4.1) - framework: dnxcore50, >= netstandard10
    System.Diagnostics.Debug (4.0.11) - framework: >= net46, dnxcore50, >= netstandard10, >= netstandard13
      Microsoft.NETCore.Platforms (>= 1.0.1) - framework: dnxcore50, netstandard10, >= netstandard13
      Microsoft.NETCore.Targets (>= 1.0.1) - framework: dnxcore50, netstandard10, >= netstandard13
      System.Runtime (>= 4.1) - framework: dnxcore50, netstandard10, >= netstandard13
    System.Diagnostics.DiagnosticSource (4.0) - framework: netstandard13, >= netstandard16
      System.Collections (>= 4.0.11) - framework: netstandard11, >= netstandard13
      System.Diagnostics.Tracing (>= 4.1) - framework: netstandard11, >= netstandard13
      System.Reflection (>= 4.1) - framework: netstandard11, >= netstandard13
      System.Runtime (>= 4.1) - framework: netstandard11, >= netstandard13
      System.Threading (>= 4.0.11) - framework: netstandard11, >= netstandard13
    System.Diagnostics.FileVersionInfo (4.0) - framework: >= net46, >= netstandard13
      Microsoft.NETCore.Platforms (>= 1.0.1) - framework: dnxcore50, >= netstandard13
      System.Globalization (>= 4.0.11) - framework: >= netstandard13
      System.IO (>= 4.1) - framework: dnxcore50, >= netstandard13
      System.IO.FileSystem (>= 4.0.1) - framework: dnxcore50, >= netstandard13
      System.IO.FileSystem.Primitives (>= 4.0.1) - framework: dnxcore50, >= netstandard13
      System.Reflection.Metadata (>= 1.3) - framework: dnxcore50, >= netstandard13
      System.Runtime (>= 4.1) - framework: dnxcore50, >= netstandard13
      System.Runtime.Extensions (>= 4.1) - framework: dnxcore50, >= netstandard13
      System.Runtime.InteropServices (>= 4.1) - framework: >= netstandard13
    System.Diagnostics.Process (4.1) - framework: >= netstandard15
      Microsoft.NETCore.Platforms (>= 1.0.1) - framework: >= netstandard14
      Microsoft.Win32.Primitives (>= 4.0.1) - framework: >= netstandard14
      Microsoft.Win32.Registry (>= 4.0) - framework: >= netstandard14
      runtime.native.System (>= 4.0) - framework: >= netstandard14
      System.Collections (>= 4.0.11) - framework: >= netstandard14
      System.Diagnostics.Debug (>= 4.0.11) - framework: >= netstandard14
      System.Globalization (>= 4.0.11) - framework: >= netstandard14
      System.IO (>= 4.1) - framework: >= netstandard13
      System.IO.FileSystem (>= 4.0.1) - framework: >= netstandard14
      System.IO.FileSystem.Primitives (>= 4.0.1) - framework: >= netstandard14
      System.Resources.ResourceManager (>= 4.0.1) - framework: >= netstandard14
      System.Runtime (>= 4.1) - framework: >= netstandard13
      System.Runtime.Extensions (>= 4.1) - framework: >= netstandard14
      System.Runtime.Handles (>= 4.0.1) - framework: >= netstandard13
      System.Runtime.InteropServices (>= 4.1) - framework: >= netstandard14
      System.Text.Encoding (>= 4.0.11) - framework: >= netstandard13
      System.Text.Encoding.Extensions (>= 4.0.11) - framework: >= netstandard14
      System.Threading (>= 4.0.11) - framework: >= netstandard14
      System.Threading.Tasks (>= 4.0.11) - framework: >= netstandard14
      System.Threading.Thread (>= 4.0) - framework: >= netstandard14
      System.Threading.ThreadPool (>= 4.0.10) - framework: >= netstandard14
    System.Diagnostics.StackTrace (4.0.1) - framework: >= net46, >= netstandard13
      System.Collections.Immutable (>= 1.2) - framework: >= netstandard13
      System.IO.FileSystem (>= 4.0.1) - framework: >= netstandard13
      System.Reflection (>= 4.1) - framework: >= netstandard13
      System.Reflection.Metadata (>= 1.3) - framework: >= netstandard13
      System.Runtime (>= 4.1) - framework: >= netstandard13
      System.Runtime.Extensions (>= 4.1) - framework: >= netstandard13
    System.Diagnostics.Tools (4.0.1) - framework: >= net46, >= netstandard10, >= netstandard13
      Microsoft.NETCore.Platforms (>= 1.0.1) - framework: dnxcore50, >= netstandard10
      Microsoft.NETCore.Targets (>= 1.0.1) - framework: dnxcore50, >= netstandard10
      System.Runtime (>= 4.1) - framework: dnxcore50, >= netstandard10
    System.Diagnostics.TraceSource (4.0) - framework: >= netstandard15
      Microsoft.NETCore.Platforms (>= 1.0.1) - framework: >= netstandard13
      runtime.native.System (>= 4.0) - framework: >= netstandard13
      System.Collections (>= 4.0.11) - framework: >= netstandard13
      System.Diagnostics.Debug (>= 4.0.11) - framework: >= netstandard13
      System.Globalization (>= 4.0.11) - framework: >= netstandard13
      System.Resources.ResourceManager (>= 4.0.1) - framework: >= netstandard13
      System.Runtime (>= 4.1) - framework: >= netstandard13
      System.Runtime.Extensions (>= 4.1) - framework: >= netstandard13
      System.Threading (>= 4.0.11) - framework: >= netstandard13
    System.Diagnostics.Tracing (4.1) - framework: dnxcore50, >= netstandard11
      Microsoft.NETCore.Platforms (>= 1.0.1) - framework: dnxcore50, netstandard11, netstandard12, netstandard13, >= netstandard15
      Microsoft.NETCore.Targets (>= 1.0.1) - framework: dnxcore50, netstandard11, netstandard12, netstandard13, >= netstandard15
      System.Runtime (>= 4.1) - framework: dnxcore50, netstandard11, netstandard12, netstandard13, >= netstandard15
    System.Dynamic.Runtime (4.0.11) - framework: >= net46, >= netstandard10, >= netstandard13
      System.Linq.Expressions (>= 4.1) - framework: dnxcore50, netstandard10, >= netstandard13
      System.ObjectModel (>= 4.0.12) - framework: dnxcore50, netstandard10, >= netstandard13
      System.Reflection (>= 4.1) - framework: dnxcore50, netstandard10, >= netstandard13
      System.Runtime (>= 4.1) - framework: dnxcore50, netstandard10, >= netstandard13
    System.Globalization (4.0.11) - framework: >= net46, dnxcore50, >= netstandard10, >= netstandard13
      Microsoft.NETCore.Platforms (>= 1.0.1) - framework: dnxcore50, netstandard10, >= netstandard13
      Microsoft.NETCore.Targets (>= 1.0.1) - framework: dnxcore50, netstandard10, >= netstandard13
      System.Runtime (>= 4.1) - framework: dnxcore50, netstandard10, >= netstandard13
    System.Globalization.Calendars (4.0.1) - framework: >= netstandard13
      Microsoft.NETCore.Platforms (>= 1.0.1) - framework: >= netstandard13
      Microsoft.NETCore.Targets (>= 1.0.1) - framework: >= netstandard13
      System.Globalization (>= 4.0.11) - framework: >= netstandard13
      System.Runtime (>= 4.1) - framework: >= netstandard13
    System.Globalization.Extensions (4.0.1) - framework: >= netstandard13
      Microsoft.NETCore.Platforms (>= 1.0.1) - framework: >= netstandard13
      System.Globalization (>= 4.0.11) - framework: >= netstandard13
      System.Resources.ResourceManager (>= 4.0.1) - framework: >= netstandard13
      System.Runtime (>= 4.1) - framework: >= netstandard13
      System.Runtime.Extensions (>= 4.1) - framework: >= netstandard13
      System.Runtime.InteropServices (>= 4.1) - framework: >= netstandard13
    System.Interactive.Async (3.0)
      System.Collections (>= 4.0.11) - framework: >= netstandard10
      System.Diagnostics.Debug (>= 4.0.11) - framework: >= netstandard10
      System.Linq (>= 4.1) - framework: >= netstandard10
      System.Resources.ResourceManager (>= 4.0.1) - framework: >= netstandard10
      System.Runtime (>= 4.1) - framework: >= netstandard10
      System.Runtime.Extensions (>= 4.1) - framework: >= netstandard10
      System.Threading (>= 4.0.11) - framework: >= netstandard10
      System.Threading.Tasks (>= 4.0.11) - framework: >= netstandard10
    System.IO (4.1) - framework: >= net463, dnxcore50, >= netstandard10, netstandard13, netstandard14, >= netstandard16
      Microsoft.NETCore.Platforms (>= 1.0.1) - framework: dnxcore50, netstandard10, netstandard13, >= netstandard15
      Microsoft.NETCore.Targets (>= 1.0.1) - framework: dnxcore50, netstandard10, netstandard13, >= netstandard15
      System.Runtime (>= 4.1) - framework: dnxcore50, netstandard10, netstandard13, >= netstandard15
      System.Text.Encoding (>= 4.0.11) - framework: dnxcore50, netstandard10, netstandard13, >= netstandard15
      System.Threading.Tasks (>= 4.0.11) - framework: dnxcore50, netstandard10, netstandard13, >= netstandard15
    System.IO.Compression (4.1) - framework: >= netstandard11
      Microsoft.NETCore.Platforms (>= 1.0.1) - framework: >= netstandard13
      runtime.native.System (>= 4.0) - framework: >= netstandard13
      runtime.native.System.IO.Compression (>= 4.1) - framework: >= netstandard13
      System.Collections (>= 4.0.11) - framework: >= netstandard13
      System.Diagnostics.Debug (>= 4.0.11) - framework: >= netstandard13
      System.IO (>= 4.1) - framework: dnxcore50, netstandard11, >= netstandard13
      System.Resources.ResourceManager (>= 4.0.1) - framework: >= netstandard13
      System.Runtime (>= 4.1) - framework: dnxcore50, netstandard11, >= netstandard13
      System.Runtime.Extensions (>= 4.1) - framework: >= netstandard13
      System.Runtime.Handles (>= 4.0.1) - framework: >= netstandard13
      System.Runtime.InteropServices (>= 4.1) - framework: >= netstandard13
      System.Text.Encoding (>= 4.0.11) - framework: dnxcore50, netstandard11, >= netstandard13
      System.Threading (>= 4.0.11) - framework: >= netstandard13
      System.Threading.Tasks (>= 4.0.11) - framework: dnxcore50, >= netstandard13
    System.IO.Compression.ZipFile (4.0.1) - framework: >= netstandard13
      System.Buffers (>= 4.0) - framework: >= netstandard13
      System.IO (>= 4.1) - framework: >= netstandard13
      System.IO.Compression (>= 4.1) - framework: >= netstandard13
      System.IO.FileSystem (>= 4.0.1) - framework: >= netstandard13
      System.IO.FileSystem.Primitives (>= 4.0.1) - framework: >= netstandard13
      System.Resources.ResourceManager (>= 4.0.1) - framework: >= netstandard13
      System.Runtime (>= 4.1) - framework: >= netstandard13
      System.Runtime.Extensions (>= 4.1) - framework: >= netstandard13
      System.Text.Encoding (>= 4.0.11) - framework: >= netstandard13
    System.IO.FileSystem (4.0.1) - framework: >= net46, >= netstandard13
      Microsoft.NETCore.Platforms (>= 1.0.1) - framework: >= netstandard13
      Microsoft.NETCore.Targets (>= 1.0.1) - framework: >= netstandard13
      System.IO (>= 4.1) - framework: >= netstandard13
      System.IO.FileSystem.Primitives (>= 4.0.1) - framework: >= net46, >= netstandard13
      System.Runtime (>= 4.1) - framework: >= netstandard13
      System.Runtime.Handles (>= 4.0.1) - framework: >= netstandard13
      System.Text.Encoding (>= 4.0.11) - framework: >= netstandard13
      System.Threading.Tasks (>= 4.0.11) - framework: >= netstandard13
    System.IO.FileSystem.Primitives (4.0.1) - framework: >= net46, >= netstandard13
      System.Runtime (>= 4.1) - framework: >= netstandard13
    System.Linq (4.1) - framework: >= net46, dnxcore50, >= netstandard10, >= netstandard13
      System.Collections (>= 4.0.11) - framework: dnxcore50, netstandard10, >= netstandard16
      System.Diagnostics.Debug (>= 4.0.11) - framework: dnxcore50, >= netstandard16
      System.Resources.ResourceManager (>= 4.0.1) - framework: dnxcore50, >= netstandard16
      System.Runtime (>= 4.1) - framework: dnxcore50, netstandard10, >= netstandard16
      System.Runtime.Extensions (>= 4.1) - framework: dnxcore50, >= netstandard16
    System.Linq.Expressions (4.1) - framework: >= net46, dnxcore50, >= netstandard10, >= netstandard13
      System.Collections (>= 4.0.11) - framework: dnxcore50, >= netstandard16
      System.Diagnostics.Debug (>= 4.0.11) - framework: dnxcore50, >= netstandard16
      System.Globalization (>= 4.0.11) - framework: dnxcore50, >= netstandard16
      System.IO (>= 4.1) - framework: dnxcore50, >= netstandard16
      System.Linq (>= 4.1) - framework: dnxcore50, >= netstandard16
      System.Reflection (>= 4.1) - framework: dnxcore50, netstandard10, netstandard13, >= netstandard16
      System.Reflection.Emit.ILGeneration (>= 4.0.1) - framework: dnxcore50, >= netstandard16
      System.Reflection.Emit.Lightweight (>= 4.0.1) - framework: dnxcore50, >= netstandard16
      System.Reflection.Extensions (>= 4.0.1) - framework: dnxcore50, >= netstandard16
      System.Reflection.Primitives (>= 4.0.1) - framework: dnxcore50, >= netstandard16
      System.Reflection.TypeExtensions (>= 4.1) - framework: dnxcore50, >= netstandard16
      System.Resources.ResourceManager (>= 4.0.1) - framework: dnxcore50, >= netstandard16
      System.Runtime (>= 4.1) - framework: dnxcore50, netstandard10, netstandard13, >= netstandard16
      System.Runtime.Extensions (>= 4.1) - framework: dnxcore50, >= netstandard16
      System.Threading (>= 4.0.11) - framework: dnxcore50, >= netstandard16
    System.Linq.Queryable (4.0.1) - framework: netstandard11, >= netstandard13
      System.Collections (>= 4.0.11) - framework: dnxcore50, >= netstandard13
      System.Diagnostics.Debug (>= 4.0.11) - framework: dnxcore50, >= netstandard13
      System.Linq (>= 4.1) - framework: dnxcore50, netstandard10, >= netstandard13
      System.Linq.Expressions (>= 4.1) - framework: dnxcore50, netstandard10, >= netstandard13
      System.Reflection (>= 4.1) - framework: dnxcore50, >= netstandard13
      System.Reflection.Extensions (>= 4.0.1) - framework: dnxcore50, >= netstandard13
      System.Resources.ResourceManager (>= 4.0.1) - framework: dnxcore50, >= netstandard13
      System.Runtime (>= 4.1) - framework: dnxcore50, netstandard10, >= netstandard13
    System.Net.Http (4.1) - framework: >= netstandard11
      Microsoft.NETCore.Platforms (>= 1.0.1) - framework: dnxcore50, netstandard13, >= netstandard16
      Microsoft.Win32.Primitives (>= 4.0.1) - framework: >= net46, netstandard13
      runtime.native.System (>= 4.0) - framework: >= netstandard16
      runtime.native.System.Net.Http (>= 4.0.1) - framework: >= netstandard16
      runtime.native.System.Security.Cryptography (>= 4.0) - framework: >= netstandard16
      System.Collections (>= 4.0.11) - framework: dnxcore50, netstandard13, >= netstandard16
      System.Diagnostics.Debug (>= 4.0.11) - framework: dnxcore50, netstandard13, >= netstandard16
      System.Diagnostics.DiagnosticSource (>= 4.0) - framework: >= net46, dnxcore50, netstandard13, >= netstandard16
      System.Diagnostics.Tracing (>= 4.1) - framework: dnxcore50, netstandard13, >= netstandard16
      System.Globalization (>= 4.0.11) - framework: dnxcore50, netstandard13, >= netstandard16
      System.Globalization.Extensions (>= 4.0.1) - framework: >= netstandard16
      System.IO (>= 4.1) - framework: dnxcore50, netstandard11, netstandard13, >= netstandard16
      System.IO.Compression (>= 4.1) - framework: netstandard13
      System.IO.FileSystem (>= 4.0.1) - framework: >= netstandard16
      System.Net.Primitives (>= 4.0.11) - framework: dnxcore50, netstandard11, netstandard13, >= netstandard16
      System.Resources.ResourceManager (>= 4.0.1) - framework: dnxcore50, netstandard13, >= netstandard16
      System.Runtime (>= 4.1) - framework: dnxcore50, netstandard11, netstandard13, >= netstandard16
      System.Runtime.Extensions (>= 4.1) - framework: dnxcore50, netstandard13, >= netstandard16
      System.Runtime.Handles (>= 4.0.1) - framework: netstandard13, >= netstandard16
      System.Runtime.InteropServices (>= 4.1) - framework: dnxcore50, netstandard13, >= netstandard16
      System.Security.Cryptography.Algorithms (>= 4.2) - framework: >= netstandard16
      System.Security.Cryptography.Encoding (>= 4.0) - framework: >= netstandard16
      System.Security.Cryptography.OpenSsl (>= 4.0) - framework: >= netstandard16
      System.Security.Cryptography.Primitives (>= 4.0) - framework: >= netstandard16
      System.Security.Cryptography.X509Certificates (>= 4.1) - framework: >= net46, dnxcore50, netstandard13, >= netstandard16
      System.Text.Encoding (>= 4.0.11) - framework: dnxcore50, netstandard11, netstandard13, >= netstandard16
      System.Threading (>= 4.0.11) - framework: dnxcore50, netstandard13, >= netstandard16
      System.Threading.Tasks (>= 4.0.11) - framework: dnxcore50, netstandard11, netstandard13, >= netstandard16
    System.Net.NameResolution (4.0) - framework: >= netstandard15
      Microsoft.NETCore.Platforms (>= 1.0.1) - framework: dnxcore50, >= netstandard13
      runtime.native.System (>= 4.0) - framework: >= netstandard13
      System.Collections (>= 4.0.11) - framework: dnxcore50, >= netstandard13
      System.Diagnostics.Tracing (>= 4.1) - framework: dnxcore50, >= netstandard13
      System.Globalization (>= 4.0.11) - framework: dnxcore50, >= netstandard13
      System.Net.Primitives (>= 4.0.11) - framework: dnxcore50, >= netstandard13
      System.Resources.ResourceManager (>= 4.0.1) - framework: dnxcore50, >= netstandard13
      System.Runtime (>= 4.1) - framework: dnxcore50, >= netstandard13
      System.Runtime.Extensions (>= 4.1) - framework: dnxcore50, >= netstandard13
      System.Runtime.Handles (>= 4.0.1) - framework: dnxcore50, >= netstandard13
      System.Runtime.InteropServices (>= 4.1) - framework: dnxcore50, >= netstandard13
      System.Security.Principal.Windows (>= 4.0) - framework: >= netstandard13
      System.Threading (>= 4.0.11) - framework: dnxcore50, >= netstandard13
      System.Threading.Tasks (>= 4.0.11) - framework: dnxcore50, >= netstandard13
    System.Net.Primitives (4.0.11) - framework: >= netstandard11
      Microsoft.NETCore.Platforms (>= 1.0.1) - framework: dnxcore50, netstandard10, netstandard11, >= netstandard13
      Microsoft.NETCore.Targets (>= 1.0.1) - framework: dnxcore50, netstandard10, netstandard11, >= netstandard13
      System.Runtime (>= 4.1) - framework: dnxcore50, netstandard10, netstandard11, >= netstandard13
      System.Runtime.Handles (>= 4.0.1) - framework: dnxcore50, >= netstandard13
    System.Net.Security (4.0) - framework: >= netstandard15
      Microsoft.NETCore.Platforms (>= 1.0.1) - framework: netstandard13, >= netstandard16
      Microsoft.Win32.Primitives (>= 4.0.1) - framework: netstandard13, >= netstandard16
      runtime.native.System (>= 4.0) - framework: >= netstandard16
      runtime.native.System.Net.Security (>= 4.0.1) - framework: >= netstandard16
      runtime.native.System.Security.Cryptography (>= 4.0) - framework: >= netstandard16
      System.Collections (>= 4.0.11) - framework: netstandard13, >= netstandard16
      System.Collections.Concurrent (>= 4.0.12) - framework: netstandard13, >= netstandard16
      System.Diagnostics.Tracing (>= 4.1) - framework: netstandard13, >= netstandard16
      System.Globalization (>= 4.0.11) - framework: netstandard13, >= netstandard16
      System.Globalization.Extensions (>= 4.0.1) - framework: >= netstandard16
      System.IO (>= 4.1) - framework: netstandard13, >= netstandard16
      System.Net.Primitives (>= 4.0.11) - framework: netstandard13, >= netstandard16
      System.Resources.ResourceManager (>= 4.0.1) - framework: netstandard13, >= netstandard16
      System.Runtime (>= 4.1) - framework: netstandard13, >= netstandard16
      System.Runtime.Extensions (>= 4.1) - framework: netstandard13, >= netstandard16
      System.Runtime.Handles (>= 4.0.1) - framework: netstandard13, >= netstandard16
      System.Runtime.InteropServices (>= 4.1) - framework: netstandard13, >= netstandard16
      System.Security.Claims (>= 4.0.1) - framework: netstandard13, >= netstandard16
      System.Security.Cryptography.Algorithms (>= 4.2) - framework: >= netstandard16
      System.Security.Cryptography.Encoding (>= 4.0) - framework: >= netstandard16
      System.Security.Cryptography.OpenSsl (>= 4.0) - framework: >= netstandard16
      System.Security.Cryptography.Primitives (>= 4.0) - framework: netstandard13, >= netstandard16
      System.Security.Cryptography.X509Certificates (>= 4.1) - framework: >= net46, netstandard13, >= netstandard16
      System.Security.Principal (>= 4.0.1) - framework: netstandard13, >= netstandard16
      System.Text.Encoding (>= 4.0.11) - framework: >= netstandard16
      System.Threading (>= 4.0.11) - framework: netstandard13, >= netstandard16
      System.Threading.Tasks (>= 4.0.11) - framework: netstandard13, >= netstandard16
      System.Threading.ThreadPool (>= 4.0.10) - framework: netstandard13, >= netstandard16
    System.Net.Sockets (4.1) - framework: >= netstandard13
      Microsoft.NETCore.Platforms (>= 1.0.1) - framework: >= netstandard13
      Microsoft.NETCore.Targets (>= 1.0.1) - framework: >= netstandard13
      System.IO (>= 4.1) - framework: >= netstandard13
      System.Net.Primitives (>= 4.0.11) - framework: >= netstandard13
      System.Runtime (>= 4.1) - framework: >= netstandard13
      System.Threading.Tasks (>= 4.0.11) - framework: >= netstandard13
    System.ObjectModel (4.0.12) - framework: dnxcore50, >= netstandard10
      System.Runtime (>= 4.1) - framework: dnxcore50, netstandard10, >= netstandard13
    System.Reactive.Core (3.0)
      System.Collections (>= 4.0.11) - framework: netstandard10, netstandard11, >= netstandard13
      System.Collections.Concurrent (>= 4.0.12) - framework: netstandard11, >= netstandard13
      System.ComponentModel (>= 4.0.1) - framework: netstandard10, netstandard11, >= netstandard13
      System.Diagnostics.Debug (>= 4.0.11) - framework: netstandard10, netstandard11, >= netstandard13
      System.Diagnostics.Tools (>= 4.0.1) - framework: netstandard10, netstandard11, >= netstandard13
      System.Dynamic.Runtime (>= 4.0.11) - framework: netstandard10, netstandard11
      System.Globalization (>= 4.0.11) - framework: netstandard10, netstandard11, >= netstandard13
      System.Linq (>= 4.1) - framework: netstandard10, netstandard11, >= netstandard13
      System.Reactive.Interfaces (>= 3.0)
      System.Reflection (>= 4.1) - framework: netstandard10, netstandard11, >= netstandard13
      System.Resources.ResourceManager (>= 4.0.1) - framework: netstandard10, netstandard11, >= netstandard13
      System.Runtime (>= 4.1) - framework: netstandard10, netstandard11, >= netstandard13
      System.Runtime.Extensions (>= 4.1) - framework: netstandard10, netstandard11, >= netstandard13
      System.Threading (>= 4.0.11) - framework: netstandard10, netstandard11, >= netstandard13
      System.Threading.Tasks (>= 4.0.11) - framework: netstandard10, netstandard11, >= netstandard13
      System.Threading.Thread (>= 4.0)
      System.Threading.ThreadPool (>= 4.0.10)
      System.Threading.Timer (>= 4.0.1)
    System.Reactive.Interfaces (3.0)
      System.Linq.Expressions (>= 4.1) - framework: >= netstandard10
      System.Resources.ResourceManager (>= 4.0.1) - framework: >= netstandard10
      System.Runtime (>= 4.1) - framework: >= netstandard10
    System.Reactive.Linq (3.0)
      System.Collections (>= 4.0.11) - framework: netstandard10, netstandard11, >= netstandard13
      System.Collections.Concurrent (>= 4.0.12) - framework: netstandard11, >= netstandard13
      System.ComponentModel (>= 4.0.1) - framework: netstandard10, netstandard11, >= netstandard13
      System.Diagnostics.Debug (>= 4.0.11) - framework: netstandard10, netstandard11, >= netstandard13
      System.Diagnostics.Tools (>= 4.0.1) - framework: netstandard10, netstandard11, >= netstandard13
      System.Globalization (>= 4.0.11) - framework: netstandard10, netstandard11, >= netstandard13
      System.Linq (>= 4.1) - framework: netstandard10, netstandard11, >= netstandard13
      System.Reactive.Core (>= 3.0) - framework: net45, >= net46, netstandard10, >= netstandard13, portable-net45+win8+wp8+wpa81, portable-net45+win8+wpa81
      System.Reactive.Interfaces (>= 3.0) - framework: net45, >= net46, netstandard10, netstandard11, >= netstandard13, portable-net45+win8+wp8+wpa81, portable-net45+win8+wpa81
      System.Reflection (>= 4.1) - framework: netstandard10, netstandard11, >= netstandard13
      System.Resources.ResourceManager (>= 4.0.1) - framework: netstandard10, netstandard11, >= netstandard13
      System.Runtime (>= 4.1) - framework: netstandard10, netstandard11, >= netstandard13
      System.Runtime.Extensions (>= 4.1) - framework: netstandard10, netstandard11, >= netstandard13
      System.Runtime.InteropServices.WindowsRuntime (>= 4.0.1) - framework: netstandard10, netstandard11, >= netstandard13
      System.Threading (>= 4.0.11) - framework: netstandard10, netstandard11, >= netstandard13
      System.Threading.Tasks (>= 4.0.11) - framework: netstandard10, netstandard11, >= netstandard13
    System.Reflection (4.1) - framework: >= net46, dnxcore50, >= netstandard10, >= netstandard13, >= netstandard16
      Microsoft.NETCore.Platforms (>= 1.0.1) - framework: dnxcore50, netstandard10, netstandard13, >= netstandard15
      Microsoft.NETCore.Targets (>= 1.0.1) - framework: dnxcore50, netstandard10, netstandard13, >= netstandard15
      System.IO (>= 4.1) - framework: dnxcore50, netstandard10, netstandard13, >= netstandard15
      System.Reflection.Primitives (>= 4.0.1) - framework: dnxcore50, netstandard10, netstandard13, >= netstandard15
      System.Runtime (>= 4.1) - framework: dnxcore50, netstandard10, netstandard13, >= netstandard15
    System.Reflection.Emit.ILGeneration (4.0.1) - framework: dnxcore50, >= netstandard16
    System.Reflection.Emit.Lightweight (4.0.1) - framework: dnxcore50, >= netstandard15
    System.Reflection.Extensions (4.0.1) - framework: dnxcore50, >= netstandard10
      Microsoft.NETCore.Platforms (>= 1.0.1) - framework: dnxcore50, >= netstandard10
      Microsoft.NETCore.Targets (>= 1.0.1) - framework: dnxcore50, >= netstandard10
      System.Reflection (>= 4.1) - framework: dnxcore50, >= netstandard10
      System.Runtime (>= 4.1) - framework: dnxcore50, >= netstandard10
    System.Reflection.Metadata (1.3) - framework: >= net45, >= netstandard11, >= netstandard13, portable-net45+win8
      System.Collections (>= 4.0.11) - framework: >= netstandard11
      System.Collections.Immutable (>= 1.1.37) - framework: portable-net45+win8
      System.Collections.Immutable (>= 1.2) - framework: >= net45, >= netstandard11, monoandroid, monotouch, xamarinios, xamarinmac, winv4.5, wpav8.1
      System.Diagnostics.Debug (>= 4.0.11) - framework: >= netstandard11
      System.IO (>= 4.1) - framework: >= netstandard11
      System.Linq (>= 4.1) - framework: >= netstandard11
      System.Reflection (>= 4.1) - framework: >= netstandard11
      System.Reflection.Extensions (>= 4.0.1) - framework: >= netstandard11
      System.Reflection.Primitives (>= 4.0.1) - framework: >= netstandard11
      System.Resources.ResourceManager (>= 4.0.1) - framework: >= netstandard11
      System.Runtime (>= 4.1) - framework: >= netstandard11
      System.Runtime.Extensions (>= 4.1) - framework: >= netstandard11
      System.Runtime.InteropServices (>= 4.1) - framework: >= netstandard11
      System.Text.Encoding (>= 4.0.11) - framework: >= netstandard11
      System.Text.Encoding.Extensions (>= 4.0.11) - framework: >= netstandard11
      System.Threading (>= 4.0.11) - framework: >= netstandard11
    System.Reflection.Primitives (4.0.1) - framework: >= net46, dnxcore50, >= netstandard10, >= netstandard13
      Microsoft.NETCore.Platforms (>= 1.0.1) - framework: dnxcore50, >= netstandard10
      Microsoft.NETCore.Targets (>= 1.0.1) - framework: dnxcore50, >= netstandard10
      System.Runtime (>= 4.1) - framework: dnxcore50, >= netstandard10
    System.Reflection.TypeExtensions (4.1) - framework: dnxcore50, >= netstandard13
      System.Diagnostics.Contracts (>= 4.0.1) - framework: dnxcore50
      System.Diagnostics.Debug (>= 4.0.11) - framework: dnxcore50
      System.Linq (>= 4.1) - framework: dnxcore50
      System.Reflection (>= 4.1) - framework: >= net462, dnxcore50, netstandard13, >= netstandard15
      System.Reflection.Primitives (>= 4.0.1) - framework: dnxcore50
      System.Resources.ResourceManager (>= 4.0.1) - framework: dnxcore50
      System.Runtime (>= 4.1) - framework: dnxcore50, netstandard13, >= netstandard15
      System.Runtime.Extensions (>= 4.1) - framework: dnxcore50
    System.Resources.ResourceManager (4.0.1) - framework: >= net46, dnxcore50, >= netstandard10, >= netstandard13
      Microsoft.NETCore.Platforms (>= 1.0.1) - framework: dnxcore50, >= netstandard10
      Microsoft.NETCore.Targets (>= 1.0.1) - framework: dnxcore50, >= netstandard10
      System.Globalization (>= 4.0.11) - framework: dnxcore50, >= netstandard10
      System.Reflection (>= 4.1) - framework: dnxcore50, >= netstandard10
      System.Runtime (>= 4.1) - framework: dnxcore50, >= netstandard10
    System.Runtime (4.1) - framework: >= net46, dnxcore50, >= netstandard10
      Microsoft.NETCore.Platforms (>= 1.0.1) - framework: dnxcore50, netstandard10, netstandard12, netstandard13, >= netstandard15
      Microsoft.NETCore.Targets (>= 1.0.1) - framework: dnxcore50, netstandard10, netstandard12, netstandard13, >= netstandard15
    System.Runtime.Extensions (4.1) - framework: >= net46, dnxcore50, >= netstandard10, >= netstandard13
      Microsoft.NETCore.Platforms (>= 1.0.1) - framework: dnxcore50, netstandard10, netstandard13, >= netstandard15
      Microsoft.NETCore.Targets (>= 1.0.1) - framework: dnxcore50, netstandard10, netstandard13, >= netstandard15
      System.Runtime (>= 4.1) - framework: dnxcore50, netstandard10, netstandard13, >= netstandard15
    System.Runtime.Handles (4.0.1) - framework: >= net46, >= netstandard13, >= netstandard16
      Microsoft.NETCore.Platforms (>= 1.0.1) - framework: >= netstandard13
      Microsoft.NETCore.Targets (>= 1.0.1) - framework: >= netstandard13
      System.Runtime (>= 4.1) - framework: >= netstandard13
    System.Runtime.InteropServices (4.1) - framework: >= net46, >= netstandard11, >= netstandard13, >= netstandard16
      Microsoft.NETCore.Platforms (>= 1.0.1) - framework: dnxcore50, netstandard11, netstandard12, netstandard13, >= netstandard15
      Microsoft.NETCore.Targets (>= 1.0.1) - framework: dnxcore50, netstandard11, netstandard12, netstandard13, >= netstandard15
      System.Reflection (>= 4.1) - framework: dnxcore50, netstandard11, netstandard12, netstandard13, >= netstandard15
      System.Reflection.Primitives (>= 4.0.1) - framework: dnxcore50, netstandard11, netstandard12, netstandard13, >= netstandard15
      System.Runtime (>= 4.1) - framework: >= net462, dnxcore50, netstandard11, netstandard12, netstandard13, >= netstandard15
      System.Runtime.Handles (>= 4.0.1) - framework: dnxcore50, netstandard13, >= netstandard15
    System.Runtime.InteropServices.RuntimeInformation (4.0) - framework: >= netstandard11
      Microsoft.NETCore.Platforms (>= 1.0.1) - framework: dnxcore50, >= netstandard11
      runtime.native.System (>= 4.0) - framework: >= netstandard11
      System.Reflection (>= 4.1) - framework: dnxcore50, >= netstandard11
      System.Resources.ResourceManager (>= 4.0.1) - framework: dnxcore50, >= netstandard11
      System.Runtime (>= 4.1) - framework: dnxcore50, >= netstandard11
      System.Runtime.InteropServices (>= 4.1) - framework: >= netstandard11
      System.Threading (>= 4.0.11) - framework: dnxcore50, >= netstandard11
    System.Runtime.InteropServices.WindowsRuntime (4.0.1) - framework: netstandard10, netstandard11, >= netstandard13
      System.Runtime (>= 4.1) - framework: dnxcore50, >= netstandard10
    System.Runtime.Numerics (4.0.1) - framework: >= net46, >= netstandard11, >= netstandard13
      System.Globalization (>= 4.0.11) - framework: dnxcore50, >= netstandard13
      System.Resources.ResourceManager (>= 4.0.1) - framework: dnxcore50, >= netstandard13
      System.Runtime (>= 4.1) - framework: dnxcore50, netstandard11, >= netstandard13
      System.Runtime.Extensions (>= 4.1) - framework: dnxcore50, >= netstandard13
    System.Runtime.Serialization.Primitives (4.1.1) - framework: >= netstandard10
      System.Resources.ResourceManager (>= 4.0.1) - framework: dnxcore50, >= netstandard13
      System.Runtime (>= 4.1) - framework: dnxcore50, netstandard10, >= netstandard13
    System.Security.Claims (4.0.1) - framework: >= netstandard15
      System.Collections (>= 4.0.11) - framework: >= netstandard13
      System.Globalization (>= 4.0.11) - framework: >= netstandard13
      System.IO (>= 4.1) - framework: >= netstandard13
      System.Resources.ResourceManager (>= 4.0.1) - framework: >= netstandard13
      System.Runtime (>= 4.1) - framework: >= netstandard13
      System.Runtime.Extensions (>= 4.1) - framework: >= netstandard13
      System.Security.Principal (>= 4.0.1) - framework: >= netstandard13
    System.Security.Cryptography.Algorithms (4.2) - framework: net46, >= net46, netstandard13, >= netstandard13, netstandard14, >= netstandard16
      Microsoft.NETCore.Platforms (>= 1.0.1) - framework: dnxcore50, >= netstandard16
      runtime.native.System.Security.Cryptography (>= 4.0) - framework: >= netstandard16
      System.Collections (>= 4.0.11) - framework: >= netstandard16
      System.IO (>= 4.1) - framework: >= net463, dnxcore50, netstandard13, netstandard14, >= netstandard16
      System.Resources.ResourceManager (>= 4.0.1) - framework: dnxcore50, >= netstandard16
      System.Runtime (>= 4.1) - framework: >= net463, dnxcore50, netstandard13, netstandard14, >= netstandard16
      System.Runtime.Extensions (>= 4.1) - framework: dnxcore50, >= netstandard16
      System.Runtime.Handles (>= 4.0.1) - framework: dnxcore50, >= netstandard16
      System.Runtime.InteropServices (>= 4.1) - framework: dnxcore50, >= netstandard16
      System.Runtime.Numerics (>= 4.0.1) - framework: >= netstandard16
      System.Security.Cryptography.Encoding (>= 4.0) - framework: >= net463, dnxcore50, >= netstandard16
      System.Security.Cryptography.Primitives (>= 4.0) - framework: net46, net461, >= net463, dnxcore50, netstandard13, netstandard14, >= netstandard16
      System.Text.Encoding (>= 4.0.11) - framework: dnxcore50, >= netstandard16
    System.Security.Cryptography.Cng (4.2) - framework: >= netstandard16
      Microsoft.NETCore.Platforms (>= 1.0.1) - framework: netstandard14, >= netstandard16
      System.IO (>= 4.1) - framework: netstandard13, netstandard14, >= netstandard16
      System.Resources.ResourceManager (>= 4.0.1) - framework: netstandard14, >= netstandard16
      System.Runtime (>= 4.1) - framework: netstandard13, netstandard14, >= netstandard16
      System.Runtime.Extensions (>= 4.1) - framework: netstandard14, >= netstandard16
      System.Runtime.Handles (>= 4.0.1) - framework: netstandard13, netstandard14, >= netstandard16
      System.Runtime.InteropServices (>= 4.1) - framework: netstandard14, >= netstandard16
      System.Security.Cryptography.Algorithms (>= 4.2) - framework: net46, net461, >= net463, netstandard13, netstandard14, >= netstandard16
      System.Security.Cryptography.Encoding (>= 4.0) - framework: netstandard14, >= netstandard16
      System.Security.Cryptography.Primitives (>= 4.0) - framework: net46, net461, >= net463, netstandard13, netstandard14, >= netstandard16
      System.Text.Encoding (>= 4.0.11) - framework: netstandard14, >= netstandard16
    System.Security.Cryptography.Csp (4.0) - framework: >= netstandard16
      Microsoft.NETCore.Platforms (>= 1.0.1) - framework: >= netstandard13
      System.IO (>= 4.1) - framework: >= netstandard13
      System.Reflection (>= 4.1) - framework: >= netstandard13
      System.Resources.ResourceManager (>= 4.0.1) - framework: >= netstandard13
      System.Runtime (>= 4.1) - framework: >= netstandard13
      System.Runtime.Extensions (>= 4.1) - framework: >= netstandard13
      System.Runtime.Handles (>= 4.0.1) - framework: >= netstandard13
      System.Runtime.InteropServices (>= 4.1) - framework: >= netstandard13
      System.Security.Cryptography.Algorithms (>= 4.2) - framework: >= net46, >= netstandard13
      System.Security.Cryptography.Encoding (>= 4.0) - framework: >= netstandard13
      System.Security.Cryptography.Primitives (>= 4.0) - framework: >= net46, >= netstandard13
      System.Text.Encoding (>= 4.0.11) - framework: >= netstandard13
      System.Threading (>= 4.0.11) - framework: >= netstandard13
    System.Security.Cryptography.Encoding (4.0) - framework: net46, >= net46, netstandard13, >= netstandard13, netstandard14, >= netstandard16
      Microsoft.NETCore.Platforms (>= 1.0.1) - framework: >= netstandard13
      runtime.native.System.Security.Cryptography (>= 4.0) - framework: >= netstandard13
      System.Collections (>= 4.0.11) - framework: >= netstandard13
      System.Collections.Concurrent (>= 4.0.12) - framework: >= netstandard13
      System.Linq (>= 4.1) - framework: >= netstandard13
      System.Resources.ResourceManager (>= 4.0.1) - framework: >= netstandard13
      System.Runtime (>= 4.1) - framework: >= netstandard13
      System.Runtime.Extensions (>= 4.1) - framework: >= netstandard13
      System.Runtime.Handles (>= 4.0.1) - framework: >= netstandard13
      System.Runtime.InteropServices (>= 4.1) - framework: >= netstandard13
      System.Security.Cryptography.Primitives (>= 4.0) - framework: >= netstandard13
      System.Text.Encoding (>= 4.0.11) - framework: >= netstandard13
    System.Security.Cryptography.OpenSsl (4.0) - framework: >= netstandard16
      runtime.native.System.Security.Cryptography (>= 4.0)
      System.Collections (>= 4.0.11) - framework: >= netstandard16
      System.IO (>= 4.1) - framework: >= netstandard16
      System.Resources.ResourceManager (>= 4.0.1) - framework: >= netstandard16
      System.Runtime (>= 4.1) - framework: >= netstandard16
      System.Runtime.Extensions (>= 4.1) - framework: >= net463, >= netstandard16
      System.Runtime.Handles (>= 4.0.1) - framework: >= netstandard16
      System.Runtime.InteropServices (>= 4.1) - framework: >= netstandard16
      System.Runtime.Numerics (>= 4.0.1) - framework: >= netstandard16
      System.Security.Cryptography.Algorithms (>= 4.2) - framework: >= net463, >= netstandard16
      System.Security.Cryptography.Encoding (>= 4.0) - framework: >= net463, >= netstandard16
      System.Security.Cryptography.Primitives (>= 4.0) - framework: >= net463, >= netstandard16
      System.Text.Encoding (>= 4.0.11) - framework: >= netstandard16
    System.Security.Cryptography.Primitives (4.0) - framework: net46, net461, >= net463, netstandard13, >= netstandard13, netstandard14, >= netstandard16
      System.Diagnostics.Debug (>= 4.0.11) - framework: >= netstandard13
      System.Globalization (>= 4.0.11) - framework: >= netstandard13
      System.IO (>= 4.1) - framework: >= netstandard13
      System.Resources.ResourceManager (>= 4.0.1) - framework: >= netstandard13
      System.Runtime (>= 4.1) - framework: >= netstandard13
      System.Threading (>= 4.0.11) - framework: >= netstandard13
      System.Threading.Tasks (>= 4.0.11) - framework: >= netstandard13
    System.Security.Cryptography.X509Certificates (4.1) - framework: >= net46, >= netstandard13
      Microsoft.NETCore.Platforms (>= 1.0.1) - framework: dnxcore50, >= netstandard16
      runtime.native.System (>= 4.0) - framework: >= netstandard16
      runtime.native.System.Net.Http (>= 4.0.1) - framework: >= netstandard16
      runtime.native.System.Security.Cryptography (>= 4.0) - framework: >= netstandard16
      System.Collections (>= 4.0.11) - framework: dnxcore50, >= netstandard16
      System.Diagnostics.Debug (>= 4.0.11) - framework: >= netstandard16
      System.Globalization (>= 4.0.11) - framework: dnxcore50, >= netstandard16
      System.Globalization.Calendars (>= 4.0.1) - framework: dnxcore50, >= netstandard16
      System.IO (>= 4.1) - framework: dnxcore50, >= netstandard16
      System.IO.FileSystem (>= 4.0.1) - framework: dnxcore50, >= netstandard16
      System.IO.FileSystem.Primitives (>= 4.0.1) - framework: >= netstandard16
      System.Resources.ResourceManager (>= 4.0.1) - framework: dnxcore50, >= netstandard16
      System.Runtime (>= 4.1) - framework: dnxcore50, netstandard13, netstandard14, >= netstandard16
      System.Runtime.Extensions (>= 4.1) - framework: dnxcore50, >= netstandard16
      System.Runtime.Handles (>= 4.0.1) - framework: dnxcore50, netstandard13, netstandard14, >= netstandard16
      System.Runtime.InteropServices (>= 4.1) - framework: dnxcore50, >= netstandard16
      System.Runtime.Numerics (>= 4.0.1) - framework: dnxcore50, >= netstandard16
      System.Security.Cryptography.Algorithms (>= 4.2) - framework: net46, >= net461, dnxcore50, netstandard13, netstandard14, >= netstandard16
      System.Security.Cryptography.Cng (>= 4.2) - framework: dnxcore50, >= netstandard16
      System.Security.Cryptography.Csp (>= 4.0) - framework: >= netstandard16
      System.Security.Cryptography.Encoding (>= 4.0) - framework: net46, >= net461, dnxcore50, netstandard13, netstandard14, >= netstandard16
      System.Security.Cryptography.OpenSsl (>= 4.0) - framework: >= netstandard16
      System.Security.Cryptography.Primitives (>= 4.0) - framework: dnxcore50, >= netstandard16
      System.Text.Encoding (>= 4.0.11) - framework: dnxcore50, >= netstandard16
      System.Threading (>= 4.0.11) - framework: dnxcore50, >= netstandard16
    System.Security.Principal (4.0.1) - framework: >= netstandard15
      System.Runtime (>= 4.1) - framework: dnxcore50, >= netstandard10
    System.Security.Principal.Windows (4.0) - framework: >= netstandard15
      Microsoft.NETCore.Platforms (>= 1.0.1) - framework: >= netstandard13
      Microsoft.Win32.Primitives (>= 4.0.1) - framework: >= netstandard13
      System.Collections (>= 4.0.11) - framework: >= netstandard13
      System.Diagnostics.Debug (>= 4.0.11) - framework: >= netstandard13
      System.Reflection (>= 4.1) - framework: >= netstandard13
      System.Resources.ResourceManager (>= 4.0.1) - framework: >= netstandard13
      System.Runtime (>= 4.1) - framework: >= netstandard13
      System.Runtime.Extensions (>= 4.1) - framework: >= netstandard13
      System.Runtime.Handles (>= 4.0.1) - framework: >= netstandard13
      System.Runtime.InteropServices (>= 4.1) - framework: >= netstandard13
      System.Security.Claims (>= 4.0.1) - framework: >= net46, >= netstandard13
      System.Security.Principal (>= 4.0.1) - framework: >= netstandard13
      System.Text.Encoding (>= 4.0.11) - framework: >= netstandard13
      System.Threading (>= 4.0.11) - framework: >= netstandard13
    System.Security.SecureString (4.0) - framework: >= netstandard15
      Microsoft.NETCore.Platforms (>= 1.0.1) - framework: >= netstandard13
      System.Resources.ResourceManager (>= 4.0.1) - framework: >= netstandard13
      System.Runtime (>= 4.1) - framework: >= netstandard13
      System.Runtime.Handles (>= 4.0.1) - framework: >= netstandard13
      System.Runtime.InteropServices (>= 4.1) - framework: >= netstandard13
      System.Security.Cryptography.Primitives (>= 4.0) - framework: >= netstandard13
      System.Text.Encoding (>= 4.0.11) - framework: >= netstandard13
      System.Threading (>= 4.0.11) - framework: >= netstandard13
    System.Text.Encoding (4.0.11) - framework: >= net46, dnxcore50, >= netstandard10, >= netstandard13, >= netstandard16
      Microsoft.NETCore.Platforms (>= 1.0.1) - framework: dnxcore50, netstandard10, >= netstandard13
      Microsoft.NETCore.Targets (>= 1.0.1) - framework: dnxcore50, netstandard10, >= netstandard13
      System.Runtime (>= 4.1) - framework: dnxcore50, netstandard10, >= netstandard13
    System.Text.Encoding.CodePages (4.0.1) - framework: >= net46, >= netstandard13
      Microsoft.NETCore.Platforms (>= 1.0.1) - framework: >= netstandard13
      System.Collections (>= 4.0.11) - framework: >= netstandard13
      System.Globalization (>= 4.0.11) - framework: >= netstandard13
      System.IO (>= 4.1) - framework: >= netstandard13
      System.Reflection (>= 4.1) - framework: >= netstandard13
      System.Resources.ResourceManager (>= 4.0.1) - framework: >= netstandard13
      System.Runtime (>= 4.1) - framework: >= netstandard13
      System.Runtime.Extensions (>= 4.1) - framework: >= netstandard13
      System.Runtime.Handles (>= 4.0.1) - framework: >= netstandard13
      System.Runtime.InteropServices (>= 4.1) - framework: >= netstandard13
      System.Text.Encoding (>= 4.0.11) - framework: >= netstandard13
      System.Threading (>= 4.0.11) - framework: >= netstandard13
    System.Text.Encoding.Extensions (4.0.11) - framework: >= net46, >= netstandard10, >= netstandard13
      Microsoft.NETCore.Platforms (>= 1.0.1) - framework: dnxcore50, netstandard10, >= netstandard13
      Microsoft.NETCore.Targets (>= 1.0.1) - framework: dnxcore50, netstandard10, >= netstandard13
      System.Runtime (>= 4.1) - framework: dnxcore50, netstandard10, >= netstandard13
      System.Text.Encoding (>= 4.0.11) - framework: dnxcore50, netstandard10, >= netstandard13
    System.Text.RegularExpressions (4.1) - framework: dnxcore50, >= netstandard10
      System.Collections (>= 4.0.11) - framework: dnxcore50, >= netstandard16
      System.Globalization (>= 4.0.11) - framework: dnxcore50, >= netstandard16
      System.Resources.ResourceManager (>= 4.0.1) - framework: dnxcore50, >= netstandard16
      System.Runtime (>= 4.1) - framework: dnxcore50, netstandard10, netstandard13, >= netstandard16
      System.Runtime.Extensions (>= 4.1) - framework: dnxcore50, >= netstandard16
      System.Threading (>= 4.0.11) - framework: dnxcore50, >= netstandard16
    System.Threading (4.0.11) - framework: >= net46, dnxcore50, >= netstandard10, >= netstandard13
      System.Runtime (>= 4.1) - framework: dnxcore50, netstandard10, >= netstandard13
      System.Threading.Tasks (>= 4.0.11) - framework: dnxcore50, netstandard10, >= netstandard13
    System.Threading.Tasks (4.0.11) - framework: >= net46, dnxcore50, >= netstandard10, >= netstandard13
      Microsoft.NETCore.Platforms (>= 1.0.1) - framework: dnxcore50, netstandard10, >= netstandard13
      Microsoft.NETCore.Targets (>= 1.0.1) - framework: dnxcore50, netstandard10, >= netstandard13
      System.Runtime (>= 4.1) - framework: dnxcore50, netstandard10, >= netstandard13
    System.Threading.Tasks.Extensions (4.0) - framework: >= netstandard13
      System.Collections (>= 4.0.11) - framework: >= netstandard10
      System.Runtime (>= 4.1) - framework: >= netstandard10
      System.Threading.Tasks (>= 4.0.11) - framework: >= netstandard10
    System.Threading.Tasks.Parallel (4.0.1) - framework: >= net46, >= netstandard13
      System.Collections.Concurrent (>= 4.0.12) - framework: dnxcore50, netstandard11, >= netstandard13
      System.Diagnostics.Debug (>= 4.0.11) - framework: dnxcore50, >= netstandard13
      System.Diagnostics.Tracing (>= 4.1) - framework: dnxcore50, >= netstandard13
      System.Resources.ResourceManager (>= 4.0.1) - framework: dnxcore50, >= netstandard13
      System.Runtime (>= 4.1) - framework: dnxcore50, netstandard11, >= netstandard13
      System.Runtime.Extensions (>= 4.1) - framework: dnxcore50, >= netstandard13
      System.Threading (>= 4.0.11) - framework: dnxcore50, >= netstandard13
      System.Threading.Tasks (>= 4.0.11) - framework: dnxcore50, netstandard11, >= netstandard13
    System.Threading.Thread (4.0) - framework: >= net46, >= netstandard13, >= netstandard15
    System.Threading.ThreadPool (4.0.10) - framework: >= netstandard15
    System.Threading.Timer (4.0.1) - framework: >= netstandard12
    System.Xml.ReaderWriter (4.0.11) - framework: >= net46, >= netstandard10, >= netstandard13
      System.Collections (>= 4.0.11) - framework: dnxcore50, >= netstandard13
      System.Diagnostics.Debug (>= 4.0.11) - framework: dnxcore50, >= netstandard13
      System.Globalization (>= 4.0.11) - framework: dnxcore50, >= netstandard13
      System.IO (>= 4.1) - framework: dnxcore50, netstandard10, >= netstandard13
      System.IO.FileSystem (>= 4.0.1) - framework: dnxcore50, >= netstandard13
      System.IO.FileSystem.Primitives (>= 4.0.1) - framework: dnxcore50, >= netstandard13
      System.Resources.ResourceManager (>= 4.0.1) - framework: dnxcore50, >= netstandard13
      System.Runtime (>= 4.1) - framework: dnxcore50, netstandard10, >= netstandard13
      System.Runtime.Extensions (>= 4.1) - framework: dnxcore50, >= netstandard13
      System.Runtime.InteropServices (>= 4.1) - framework: dnxcore50, >= netstandard13
      System.Text.Encoding (>= 4.0.11) - framework: dnxcore50, netstandard10, >= netstandard13
      System.Text.Encoding.Extensions (>= 4.0.11) - framework: dnxcore50, >= netstandard13
      System.Text.RegularExpressions (>= 4.1) - framework: dnxcore50, >= netstandard13
      System.Threading.Tasks (>= 4.0.11) - framework: dnxcore50, netstandard10, >= netstandard13
      System.Threading.Tasks.Extensions (>= 4.0) - framework: dnxcore50, >= netstandard13
    System.Xml.XDocument (4.0.11) - framework: >= net46, >= netstandard10, >= netstandard13
      System.Collections (>= 4.0.11) - framework: dnxcore50, >= netstandard13
      System.Diagnostics.Debug (>= 4.0.11) - framework: dnxcore50, >= netstandard13
      System.Diagnostics.Tools (>= 4.0.1) - framework: dnxcore50, >= netstandard13
      System.Globalization (>= 4.0.11) - framework: dnxcore50, >= netstandard13
      System.IO (>= 4.1) - framework: dnxcore50, netstandard10, >= netstandard13
      System.Reflection (>= 4.1) - framework: dnxcore50, >= netstandard13
      System.Resources.ResourceManager (>= 4.0.1) - framework: dnxcore50, >= netstandard13
      System.Runtime (>= 4.1) - framework: dnxcore50, netstandard10, >= netstandard13
      System.Runtime.Extensions (>= 4.1) - framework: dnxcore50, >= netstandard13
      System.Text.Encoding (>= 4.0.11) - framework: dnxcore50, >= netstandard13
      System.Threading (>= 4.0.11) - framework: dnxcore50, >= netstandard13
      System.Xml.ReaderWriter (>= 4.0.11) - framework: dnxcore50, netstandard10, >= netstandard13
    System.Xml.XmlDocument (4.0.1) - framework: >= net46, >= netstandard13
      System.Collections (>= 4.0.11) - framework: >= netstandard13
      System.Diagnostics.Debug (>= 4.0.11) - framework: >= netstandard13
      System.Globalization (>= 4.0.11) - framework: >= netstandard13
      System.IO (>= 4.1) - framework: >= netstandard13
      System.Resources.ResourceManager (>= 4.0.1) - framework: >= netstandard13
      System.Runtime (>= 4.1) - framework: >= netstandard13
      System.Runtime.Extensions (>= 4.1) - framework: >= netstandard13
      System.Text.Encoding (>= 4.0.11) - framework: >= netstandard13
      System.Threading (>= 4.0.11) - framework: >= netstandard13
      System.Xml.ReaderWriter (>= 4.0.11) - framework: >= netstandard13
    System.Xml.XPath (4.0.1) - framework: >= net46, >= netstandard13
      System.Collections (>= 4.0.11) - framework: >= netstandard13
      System.Diagnostics.Debug (>= 4.0.11) - framework: >= netstandard13
      System.Globalization (>= 4.0.11) - framework: >= netstandard13
      System.IO (>= 4.1) - framework: >= netstandard13
      System.Resources.ResourceManager (>= 4.0.1) - framework: >= netstandard13
      System.Runtime (>= 4.1) - framework: >= netstandard13
      System.Runtime.Extensions (>= 4.1) - framework: >= netstandard13
      System.Threading (>= 4.0.11) - framework: >= netstandard13
      System.Xml.ReaderWriter (>= 4.0.11) - framework: >= netstandard13
    System.Xml.XPath.XDocument (4.0.1) - framework: >= net46, >= netstandard13
      System.Diagnostics.Debug (>= 4.0.11) - framework: >= netstandard13
      System.Linq (>= 4.1) - framework: >= netstandard13
      System.Resources.ResourceManager (>= 4.0.1) - framework: >= netstandard13
      System.Runtime (>= 4.1) - framework: >= netstandard13
      System.Runtime.Extensions (>= 4.1) - framework: >= netstandard13
      System.Threading (>= 4.0.11) - framework: >= netstandard13
      System.Xml.ReaderWriter (>= 4.0.11) - framework: >= netstandard13
      System.Xml.XDocument (>= 4.0.11) - framework: >= netstandard13
      System.Xml.XPath (>= 4.0.1) - framework: >= net46, >= netstandard13
    xunit (2.1)
      xunit.assert (2.1)
      xunit.core (2.1)
    xunit.abstractions (2.0) - framework: >= net45, dnx451, dnxcore50, monoandroid, monotouch, portable-net45+win80+wp80+wpa81, xamarinios, winv4.5, wpv8.0, wpav8.1
    xunit.assert (2.1)
      System.Collections (>= 4.0) - framework: dnxcore50
      System.Diagnostics.Debug (>= 4.0) - framework: dnxcore50
      System.Globalization (>= 4.0) - framework: dnxcore50
      System.Linq (>= 4.0) - framework: dnxcore50
      System.ObjectModel (>= 4.0) - framework: dnxcore50
      System.Reflection (>= 4.0) - framework: dnxcore50
      System.Reflection.Extensions (>= 4.0) - framework: dnxcore50
      System.Runtime (>= 4.0) - framework: dnxcore50
      System.Runtime.Extensions (>= 4.0) - framework: dnxcore50
      System.Text.RegularExpressions (>= 4.0) - framework: dnxcore50
      System.Threading.Tasks (>= 4.0) - framework: dnxcore50
    xunit.core (2.1)
      System.Collections (>= 4.0) - framework: dnxcore50
      System.Diagnostics.Debug (>= 4.0) - framework: dnxcore50
      System.Globalization (>= 4.0) - framework: dnxcore50
      System.Linq (>= 4.0) - framework: dnxcore50
      System.Reflection (>= 4.0) - framework: dnxcore50
      System.Reflection.Extensions (>= 4.0) - framework: dnxcore50
      System.Runtime (>= 4.0) - framework: dnxcore50
      System.Runtime.Extensions (>= 4.0) - framework: dnxcore50
      System.Threading.Tasks (>= 4.0) - framework: dnxcore50
      xunit.abstractions (>= 2.0) - framework: dnxcore50
      xunit.extensibility.core (2.1) - framework: >= net45, dnx451, dnxcore50, monoandroid, monotouch, portable-net45+win80+wp80+wpa81, xamarinios, winv4.5, wpv8.0, wpav8.1
      xunit.extensibility.execution (2.1) - framework: >= net45, dnx451, dnxcore50, monoandroid, monotouch, portable-net45+win80+wp80+wpa81, xamarinios, winv4.5, wpv8.0, wpav8.1
    xunit.extensibility.core (2.1) - framework: >= net45, dnx451, dnxcore50, monoandroid, monotouch, portable-net45+win80+wp80+wpa81, xamarinios, winv4.5, wpv8.0, wpav8.1
      xunit.abstractions (2.0)
    xunit.extensibility.execution (2.1) - framework: >= net45, dnx451, dnxcore50, monoandroid, monotouch, portable-net45+win80+wp80+wpa81, xamarinios, winv4.5, wpv8.0, wpav8.1
      System.Collections (>= 4.0) - framework: dnxcore50
      System.Diagnostics.Debug (>= 4.0) - framework: dnxcore50
      System.Globalization (>= 4.0) - framework: dnxcore50
      System.IO (>= 4.0) - framework: dnxcore50
      System.Linq (>= 4.0) - framework: dnxcore50
      System.Linq.Expressions (>= 4.0) - framework: dnxcore50
      System.Reflection (>= 4.0) - framework: dnxcore50
      System.Reflection.Extensions (>= 4.0) - framework: dnxcore50
      System.Runtime (>= 4.0) - framework: dnxcore50
      System.Runtime.Extensions (>= 4.0) - framework: dnxcore50
      System.Text.Encoding (>= 4.0) - framework: dnxcore50
      System.Threading (>= 4.0) - framework: dnxcore50
      System.Threading.Tasks (>= 4.0) - framework: dnxcore50
      xunit.abstractions (>= 2.0) - framework: dnxcore50
      xunit.extensibility.core (2.1) - framework: >= net45, dnx451, dnxcore50, monoandroid, monotouch, xamarinios, winv4.5, wpv8.0, wpav8.1
    Zlib.Portable (1.11) - framework: >= netstandard11, portable-net45+sl5+win8, portable-net45+win8, portable-net45+win8+wp8+wpa81
